GEM
  remote: https://rubygems.org/
  specs:
    motion-momentum (0.1.2)
    rake (10.1.1)

PLATFORMS
  ruby

DEPENDENCIES
  motion-momentum
  rake
